GEM
  remote: https://rubygems.org/
  specs:
    httparty (0.18.0)
      mime-types (~> 3.0)
      multi_xml (>= 0.5.2)
    json (2.3.0)
    mime-types (3.3.1)
      mime-types-data (~> 3.2015)
    mime-types-data (3.2019.1009)
    mqtt (0.5.0)
    multi_xml (0.6.0)
    speedtest (0.2.3)
      httparty (~> 0.13)

PLATFORMS
  ruby

DEPENDENCIES
  json!
  mqtt!
  speedtest!

BUNDLED WITH
   1.17.2
