GEM
  remote: https://rubygems.org/
  specs:
    json (2.3.0)
    mqtt (0.5.0)
    open-weather (0.11.0)
      json

PLATFORMS
  ruby

DEPENDENCIES
  json!
  mqtt!
  open-weather!

BUNDLED WITH
   1.17.2
